GIT
  remote: git://github.com/samsymons/RedditKit.rb.git
  revision: 81accdfe3dd551879371e736d1f2123c53f1aa91
  specs:
    redditkit (1.0.2)
      faraday (~> 0.8)
      htmlentities (~> 4.3)
      multi_json (~> 1.8)

GEM
  remote: https://rubygems.org/
  specs:
    dotenv (2.1.1)
    faraday (0.9.2)
      multipart-post (>= 1.2, < 3)
    htmlentities (4.3.4)
    multi_json (1.12.1)
    multipart-post (2.0.0)

PLATFORMS
  ruby

DEPENDENCIES
  dotenv
  redditkit!

BUNDLED WITH
   1.13.2
